GEM
  specs:
    activerecord (2.3.8)
      activesupport (= 2.3.8)
    activesupport (2.3.8)
    pg (0.10.1)

PLATFORMS
  ruby

DEPENDENCIES
  activerecord (= 2.3.8)
  pg
